GEM
  remote: https://rubygems.org/
  specs:
    activesupport (5.0.7.2)
      concurrent-ruby (~> 1.0, >= 1.0.2)
      i18n (>= 0.7, < 2)
      minitest (~> 5.1)
      tzinfo (~> 1.1)
    addressable (2.8.1)
      public_suffix (>= 2.0.2, < 6.0)
    backports (3.23.0)
    builder (3.2.4)
    coffee-script (2.4.1)
      coffee-script-source
      execjs
    coffee-script-source (1.12.2)
    compass-import-once (1.0.5)
      sass (>= 3.2, < 3.5)
    concurrent-ruby (1.2.2)
    contracts (0.13.0)
    dotenv (2.8.1)
    em-websocket (0.5.3)
      eventmachine (>= 0.12.9)
      http_parser.rb (~> 0)
    erubis (2.7.0)
    eventmachine (1.2.7)
    execjs (2.8.1)
    fast_blank (1.0.1)
    fastimage (2.2.6)
    ffi (1.15.5)
    haml (6.1.1)
      temple (>= 0.8.2)
      thor
      tilt
    hamster (3.0.0)
      concurrent-ruby (~> 1.0)
    hashie (3.6.0)
    http_parser.rb (0.8.0)
    i18n (0.7.0)
    kramdown (1.17.0)
    listen (3.0.8)
      rb-fsevent (~> 0.9, >= 0.9.4)
      rb-inotify (~> 0.9, >= 0.9.7)
    memoist (0.16.2)
    middleman (4.2.1)
      coffee-script (~> 2.2)
      compass-import-once (= 1.0.5)
      haml (>= 4.0.5)
      kramdown (~> 1.2)
      middleman-cli (= 4.2.1)
      middleman-core (= 4.2.1)
      sass (>= 3.4.0, < 4.0)
    middleman-blog (4.0.3)
      addressable (~> 2.3)
      middleman-core (>= 4.0.0)
      tzinfo (>= 0.3.0)
    middleman-cli (4.2.1)
      thor (>= 0.17.0, < 2.0)
    middleman-core (4.2.1)
      activesupport (>= 4.2, < 5.1)
      addressable (~> 2.3)
      backports (~> 3.6)
      bundler (~> 1.1)
      contracts (~> 0.13.0)
      dotenv
      erubis
      execjs (~> 2.0)
      fast_blank
      fastimage (~> 2.0)
      hamster (~> 3.0)
      hashie (~> 3.4)
      i18n (~> 0.7.0)
      listen (~> 3.0.0)
      memoist (~> 0.14)
      padrino-helpers (~> 0.13.0)
      parallel
      rack (>= 1.4.5, < 3)
      sass (>= 3.4)
      servolux
      tilt (~> 2.0)
      uglifier (~> 3.0)
    middleman-disqus (1.2.0)
      middleman-core (~> 4.0)
    middleman-google-analytics (3.0.0)
      activesupport (>= 4.1, < 5.1)
      erubis
      middleman-core (>= 3.4)
      uglifier (>= 2.5, < 4.0)
    middleman-livereload (3.4.7)
      em-websocket (~> 0.5.1)
      middleman-core (>= 3.3)
      rack-livereload (~> 0.3.15)
    middleman-search_engine_sitemap (1.4.0)
      builder
      middleman-core (~> 4.0)
    middleman-syntax (3.3.0)
      middleman-core (>= 3.2)
      rouge (~> 3.2)
    mini_portile2 (2.4.0)
    minitest (5.15.0)
    nokogiri (1.10.10)
      mini_portile2 (~> 2.4.0)
    padrino-helpers (0.13.3.4)
      i18n (~> 0.6, >= 0.6.7)
      padrino-support (= 0.13.3.4)
      tilt (>= 1.4.1, < 3)
    padrino-support (0.13.3.4)
      activesupport (>= 3.1)
    parallel (1.19.2)
    public_suffix (4.0.7)
    rack (2.2.6.3)
    rack-livereload (0.3.17)
      rack
    rb-fsevent (0.11.2)
    rb-inotify (0.10.1)
      ffi (~> 1.0)
    redcarpet (3.6.0)
    rouge (3.30.0)
    sass (3.4.25)
    servolux (0.13.0)
    temple (0.8.2)
    thor (1.2.1)
    thread_safe (0.3.6)
    tilt (2.1.0)
    tzinfo (1.2.11)
      thread_safe (~> 0.1)
    uglifier (3.2.0)
      execjs (>= 0.3.0, < 3)

PLATFORMS
  ruby

DEPENDENCIES
  builder (~> 3.0)
  middleman (~> 4.2.0)
  middleman-blog
  middleman-disqus
  middleman-google-analytics
  middleman-livereload
  middleman-search_engine_sitemap
  middleman-syntax
  nokogiri
  redcarpet (~> 3.3, >= 3.3.3)

BUNDLED WITH
   1.15.4
